GEM
  remote: https://rubygems.org/
  specs:
    sshkey (1.9.0)

PLATFORMS
  x86_64-darwin-18

DEPENDENCIES
  sshkey (~> 1.9.0)

BUNDLED WITH
   2.2.2
